GIT
  remote: git://github.com/kendagriff/dock.git
  revision: 42b4e374afe605551544b83744fce7bdd83d20ce
  specs:
    dock (0.0.1)

GIT
  remote: git://github.com/kendagriff/ruby-openid.git
  revision: ef88f27f9e6cde332861c1630b0a495432b68147
  specs:
    ruby-openid (2.2.3)

PATH
  remote: .
  specs:
    launchpad (0.0.2)
      eco
      rails (~> 3.2.11)

GEM
  remote: http://rubygems.org/
  specs:
    actionmailer (3.2.13)
      actionpack (= 3.2.13)
      mail (~> 2.5.3)
    actionpack (3.2.13)
      activemodel (= 3.2.13)
      activesupport (= 3.2.13)
      builder (~> 3.0.0)
      erubis (~> 2.7.0)
      journey (~> 1.0.4)
      rack (~> 1.4.5)
      rack-cache (~> 1.2)
      rack-test (~> 0.6.1)
      sprockets (~> 2.2.1)
    activemodel (3.2.13)
      activesupport (= 3.2.13)
      builder (~> 3.0.0)
    activerecord (3.2.13)
      activemodel (= 3.2.13)
      activesupport (= 3.2.13)
      arel (~> 3.0.2)
      tzinfo (~> 0.3.29)
    activeresource (3.2.13)
      activemodel (= 3.2.13)
      activesupport (= 3.2.13)
    activesupport (3.2.13)
      i18n (= 0.6.1)
      multi_json (~> 1.0)
    ansi (1.4.3)
    arel (3.0.2)
    builder (3.0.4)
    coderay (1.0.8)
    coffee-rails (3.2.2)
      coffee-script (>= 2.2.0)
      railties (~> 3.2.0)
    coffee-script (2.2.0)
      coffee-script-source
      execjs
    coffee-script-source (1.4.0)
    eco (1.0.0)
      coffee-script
      eco-source
      execjs
    eco-source (1.1.0.rc.1)
    erubis (2.7.0)
    execjs (1.4.0)
      multi_json (~> 1.0)
    hashie (2.0.3)
    hike (1.2.2)
    i18n (0.6.1)
    journey (1.0.4)
    jquery-rails (2.1.3)
      railties (>= 3.1.0, < 5.0)
      thor (~> 0.14)
    json (1.7.7)
    machinist (2.0)
    mail (2.5.3)
      i18n (>= 0.4.0)
      mime-types (~> 1.16)
      treetop (~> 1.4.8)
    method_source (0.8.1)
    mime-types (1.22)
    minitest (4.2.0)
    multi_json (1.7.2)
    omniauth (1.1.4)
      hashie (>= 1.2, < 3)
      rack
    omniauth-google-apps (0.0.2)
      omniauth (~> 1.0)
      omniauth-openid (~> 1.0)
      ruby-openid-apps-discovery (~> 1.2.0)
    omniauth-openid (1.0.1)
      omniauth (~> 1.0)
      rack-openid (~> 1.3.1)
    polyglot (0.3.3)
    pry (0.9.10)
      coderay (~> 1.0.5)
      method_source (~> 0.8)
      slop (~> 3.3.1)
    pry-nav (0.2.2)
      pry (~> 0.9.10)
    pry-remote (0.1.6)
      pry (~> 0.9)
      slop (~> 3.0)
    rack (1.4.5)
    rack-cache (1.2)
      rack (>= 0.4)
    rack-openid (1.3.1)
      rack (>= 1.1.0)
      ruby-openid (>= 2.1.8)
    rack-ssl (1.3.3)
      rack
    rack-test (0.6.2)
      rack (>= 1.0)
    rails (3.2.13)
      actionmailer (= 3.2.13)
      actionpack (= 3.2.13)
      activerecord (= 3.2.13)
      activeresource (= 3.2.13)
      activesupport (= 3.2.13)
      bundler (~> 1.0)
      railties (= 3.2.13)
    railties (3.2.13)
      actionpack (= 3.2.13)
      activesupport (= 3.2.13)
      rack-ssl (~> 1.3.2)
      rake (>= 0.8.7)
      rdoc (~> 3.4)
      thor (>= 0.14.6, < 2.0)
    rake (10.0.4)
    rdoc (3.12.2)
      json (~> 1.4)
    ruby-openid-apps-discovery (1.2.0)
      ruby-openid (>= 2.1.7)
    slop (3.3.3)
    sprockets (2.2.2)
      hike (~> 1.2)
      multi_json (~> 1.0)
      rack (~> 1.0)
      tilt (~> 1.1, != 1.3.0)
    sqlite3 (1.3.6)
    thor (0.18.1)
    tilt (1.3.7)
    treetop (1.4.12)
      polyglot
      polyglot (>= 0.3.1)
    turn (0.9.6)
      ansi
    tzinfo (0.3.37)

PLATFORMS
  ruby

DEPENDENCIES
  coffee-rails
  dock!
  jquery-rails
  launchpad!
  machinist (>= 2.0.0.beta2)
  minitest
  omniauth-google-apps
  pry
  pry-nav
  pry-remote
  ruby-openid!
  sqlite3
  turn
